GEM
  remote: http://rubygems.org/
  specs:
    ffi (1.9.10)
    minitest (5.8.3)

PLATFORMS
  ruby

DEPENDENCIES
  ffi
  minitest
